GEM
  remote: http://rubygems.org/
  specs:
    activemodel (3.0.7)
      activesupport (= 3.0.7)
      builder (~> 2.1.2)
      i18n (~> 0.5.0)
    activesupport (3.0.7)
    bson (1.3.1)
    bson_ext (1.3.1)
    builder (2.1.2)
    database_cleaner (0.6.7)
    diff-lcs (1.1.2)
    git (1.2.5)
    i18n (0.5.0)
    jeweler (1.6.1)
      bundler (~> 1.0.0)
      git (>= 1.2.5)
      rake
    mongo (1.3.1)
      bson (>= 1.3.1)
    mongoid (2.0.2)
      activemodel (~> 3.0)
      mongo (~> 1.3)
      tzinfo (~> 0.3.22)
    rake (0.9.0)
    rspec (2.6.0)
      rspec-core (~> 2.6.0)
      rspec-expectations (~> 2.6.0)
      rspec-mocks (~> 2.6.0)
    rspec-core (2.6.3)
    rspec-expectations (2.6.0)
      diff-lcs (~> 1.1.2)
    rspec-mocks (2.6.0)
    tzinfo (0.3.27)

PLATFORMS
  ruby

DEPENDENCIES
  bson_ext (~> 1.3.1)
  database_cleaner (~> 0.6.7)
  jeweler (~> 1.6.1)
  mongoid (~> 2.0.2)
  rspec (~> 2.6.0)
