PATH
  remote: .
  specs:
    mongoid_taggable (0.1.1)

GEM
  remote: http://rubygems.org/
  specs:
    diff-lcs (1.1.2)
    rake (0.8.7)
    rspec (2.1.0)
      rspec-core (~> 2.1.0)
      rspec-expectations (~> 2.1.0)
      rspec-mocks (~> 2.1.0)
    rspec-core (2.1.0)
    rspec-expectations (2.1.0)
      diff-lcs (~> 1.1.2)
    rspec-mocks (2.1.0)

PLATFORMS
  ruby

DEPENDENCIES
  mongoid_taggable!
  rake (~> 0.8.7)
  rspec (~> 2.1.0)
